GEM
  remote: http://rubygems.org/
  specs:
    abstract (1.0.0)
    actionmailer (3.0.9)
      actionpack (= 3.0.9)
      mail (~> 2.2.19)
    actionpack (3.0.9)
      activemodel (= 3.0.9)
      activesupport (= 3.0.9)
      builder (~> 2.1.2)
      erubis (~> 2.6.6)
      i18n (~> 0.5.0)
      rack (~> 1.2.1)
      rack-mount (~> 0.6.14)
      rack-test (~> 0.5.7)
      tzinfo (~> 0.3.23)
    activemodel (3.0.9)
      activesupport (= 3.0.9)
      builder (~> 2.1.2)
      i18n (~> 0.5.0)
    activerecord (3.0.9)
      activemodel (= 3.0.9)
      activesupport (= 3.0.9)
      arel (~> 2.0.10)
      tzinfo (~> 0.3.23)
    activeresource (3.0.9)
      activemodel (= 3.0.9)
      activesupport (= 3.0.9)
    activesupport (3.0.9)
    arel (2.0.10)
    backup (3.0.24)
      open4 (~> 1.3.0)
      thor (~> 0.14.6)
    builder (2.1.2)
    carrierwave (0.5.8)
      activesupport (~> 3.0)
    chronic (0.6.7)
    cocaine (0.4.2)
    delayed_job (3.0.3)
      activesupport (~> 3.0)
    erubis (2.6.6)
      abstract (>= 1.0.0)
    excon (0.9.6)
    file-find (0.3.5)
      sys-admin (>= 1.5.2)
    fog (1.1.2)
      builder
      excon (~> 0.9.0)
      formatador (~> 0.2.0)
      mime-types
      multi_json (~> 1.0.3)
      net-scp (~> 1.0.4)
      net-ssh (>= 2.1.3)
      nokogiri (~> 1.5.0)
      ruby-hmac
    formatador (0.2.3)
    fun_sftp (0.0.7)
      net-sftp
    gzip (1.0)
    i18n (0.5.0)
    jquery-rails (1.0.19)
      railties (~> 3.0)
      thor (~> 0.14)
    json (1.7.5)
    mail (2.2.19)
      activesupport (>= 2.3.6)
      i18n (>= 0.4.0)
      mime-types (~> 1.16)
      treetop (~> 1.4.8)
    mime-types (1.19)
    multi_json (1.0.4)
    net-scp (1.0.4)
      net-ssh (>= 1.99.1)
    net-sftp (2.0.5)
      net-ssh (>= 2.0.9)
    net-ssh (2.6.1)
    nokogiri (1.5.5)
    open4 (1.3.0)
    paperclip (3.3.0)
      activemodel (>= 3.0.0)
      activerecord (>= 3.0.0)
      activesupport (>= 3.0.0)
      cocaine (~> 0.4.0)
      mime-types
    paperclip-ffmpeg (0.9.1)
      paperclip (>= 2.5.2)
    paperclip-sftp (1.0.2)
      net-sftp (~> 2.0.5)
      paperclip (>= 3.2.0)
    pg (0.14.1)
    pg_dumper (0.1.7)
    polyglot (0.3.3)
    rack (1.2.5)
    rack-mount (0.6.14)
      rack (>= 1.0.0)
    rack-test (0.5.7)
      rack (>= 1.0)
    rails (3.0.9)
      actionmailer (= 3.0.9)
      actionpack (= 3.0.9)
      activerecord (= 3.0.9)
      activeresource (= 3.0.9)
      activesupport (= 3.0.9)
      bundler (~> 1.0)
      railties (= 3.0.9)
    rails3-jquery-autocomplete (1.0.9)
      rails (~> 3.0)
    railties (3.0.9)
      actionpack (= 3.0.9)
      activesupport (= 3.0.9)
      rake (>= 0.8.7)
      rdoc (~> 3.4)
      thor (~> 0.14.4)
    rake (0.9.2.2)
    rdoc (3.12)
      json (~> 1.4)
    ruby-hmac (0.4.0)
    rubyzip (0.9.9)
    streamio-ffmpeg (0.9.0)
    sys-admin (1.5.6)
    thor (0.14.6)
    treetop (1.4.11)
      polyglot
      polyglot (>= 0.3.1)
    tzinfo (0.3.33)
    whenever (0.7.3)
      activesupport (>= 2.3.4)
      chronic (~> 0.6.3)

PLATFORMS
  ruby

DEPENDENCIES
  backup (~> 3.0.24)
  carrierwave
  delayed_job (~> 3.0.3)
  file-find
  fog (~> 1.1.0)
  fun_sftp
  gzip (~> 1.0)
  jquery-rails
  open4 (~> 1.3.0)
  paperclip
  paperclip-ffmpeg
  paperclip-sftp
  pg (~> 0.14.1)
  pg_dumper (~> 0.1.7)
  rails (= 3.0.9)
  rails3-jquery-autocomplete
  rubyzip
  streamio-ffmpeg
  thor (~> 0.14.6)
  whenever (~> 0.7.3)
